GEM
  remote: https://rubygems.org/
  specs:
    pr_changelog (0.4.1)

PLATFORMS
  arm64-darwin-21
  x86_64-darwin-21

DEPENDENCIES
  pr_changelog (~> 0.4.1)

BUNDLED WITH
   2.3.9
